GEM
  remote: http://rubygems.org/
  specs:
    chunky_png (1.2.0)
    compass (0.11.5)
      chunky_png (~> 1.2)
      fssm (>= 0.2.7)
      sass (~> 3.1)
    fssm (0.2.7)
    rake (0.8.7)
    sass (3.1.6)

PLATFORMS
  ruby

DEPENDENCIES
  compass (~> 0.11.5)
  rake
